PATH
  remote: .
  specs:
    topdown (0.1.0)
      pry

GEM
  remote: https://rubygems.org/
  specs:
    coderay (1.1.3)
    method_source (1.0.0)
    minitest (5.20.0)
    pry (0.14.2)
      coderay (~> 1.1)
      method_source (~> 1.0)
    rake (13.1.0)

PLATFORMS
  x86_64-darwin-21

DEPENDENCIES
  minitest (~> 5.0)
  rake (~> 13.0)
  topdown!

BUNDLED WITH
   2.4.22
